GEM
  remote: https://rubygems.org/
  specs:
    badfruit (1.1.2)
      httparty
      json
    bind-it (0.2.7)
      rjb (~> 1.4.3)
    httparty (0.13.3)
      json (~> 1.8)
      multi_xml (>= 0.5.2)
    json (1.8.1)
    multi_xml (0.5.5)
    rjb (1.4.9)
    stanford-core-nlp (0.5.1)
      bind-it (~> 0.2.5)

PLATFORMS
  ruby

DEPENDENCIES
  badfruit
  stanford-core-nlp
